GEM
  remote: http://rubygems.org/
  specs:
    ffi (1.9.6-x86-mingw32)
    haml (4.0.5)
      tilt
    json (1.8.1)
    pi_piper (1.3.2)
      ffi
    rack (1.6.0)
    rack-protection (1.5.3)
      rack
    sinatra (1.4.5)
      rack (~> 1.4)
      rack-protection (~> 1.4)
      tilt (~> 1.3, >= 1.3.4)
    tilt (1.4.1)

PLATFORMS
  x86-mingw32

DEPENDENCIES
  haml
  json
  pi_piper
  sinatra
